PATH
  remote: .
  specs:
    decorative_buildr (0.1.1)

GEM
  remote: http://rubygems.org/
  specs:
    minitest (2.11.4)

PLATFORMS
  ruby

DEPENDENCIES
  decorative_buildr!
  minitest (~> 2.11.4)
