PATH
  remote: .
  specs:
    decorative_buildr (0.1.4)
      minitest (~> 2.11.4)
      rake

GEM
  remote: http://rubygems.org/
  specs:
    minitest (2.11.4)
    rake (0.9.2.2)

PLATFORMS
  ruby

DEPENDENCIES
  decorative_buildr!
